GEM
  remote: https://rubygems.org/
  specs:
    addressable (2.6.0)
      public_suffix (>= 2.0.2, < 4.0)
    beaker (4.5.0)
      beaker-hostgenerator
      hocon (~> 1.0)
      in-parallel (~> 0.1)
      inifile (~> 3.0)
      minitar (~> 0.6)
      minitest (~> 5.4)
      net-scp (~> 1.2)
      net-ssh (~> 4.0)
      open_uri_redirections (~> 0.2.1)
      pry-byebug (~> 3.4.2)
      rb-readline (~> 0.5.3)
      rsync (~> 1.0.9)
      stringify-hash (~> 0.0)
      thor (~> 0.19)
    beaker-hostgenerator (1.1.25)
      deep_merge (~> 1.0)
      stringify-hash (~> 0.0.0)
    beaker-rspec (6.2.4)
      beaker (> 3.0)
      rspec (~> 3.0)
      serverspec (~> 2)
      specinfra (~> 2)
    byebug (9.0.6)
    coderay (1.1.2)
    deep_merge (1.2.1)
    diff-lcs (1.3)
    facter (2.5.1)
    fast_gettext (1.1.2)
    hiera (3.5.0)
    hocon (1.2.5)
    httpclient (2.8.3)
    in-parallel (0.1.17)
    inifile (3.0.0)
    json-schema (2.8.1)
      addressable (>= 2.4)
    locale (2.1.2)
    metaclass (0.0.4)
    metadata-json-lint (2.2.0)
      json-schema (~> 2.8)
      spdx-licenses (~> 1.0)
    method_source (0.9.2)
    minitar (0.8)
    minitest (5.11.3)
    mocha (1.8.0)
      metaclass (~> 0.0.1)
    multi_json (1.13.1)
    net-scp (1.2.1)
      net-ssh (>= 2.6.5)
    net-ssh (4.2.0)
    net-telnet (0.1.1)
    open_uri_redirections (0.2.1)
    pathspec (0.2.1)
    pry (0.12.2)
      coderay (~> 1.1.0)
      method_source (~> 0.9.0)
    pry-byebug (3.4.3)
      byebug (>= 9.0, < 9.1)
      pry (~> 0.10)
    public_suffix (3.0.3)
    puppet (6.2.0)
      facter (> 2.0.1, < 4)
      fast_gettext (~> 1.1.2)
      hiera (>= 3.2.1, < 4)
      httpclient (~> 2.8)
      locale (~> 2.1)
      multi_json (~> 1.10)
      puppet-resource_api (~> 1.5)
      semantic_puppet (~> 1.0)
    puppet-lint (2.3.6)
    puppet-resource_api (1.6.2)
      hocon (>= 1.0)
    puppet-syntax (2.4.1)
      rake
    puppetlabs_spec_helper (2.13.1)
      mocha (~> 1.0)
      pathspec (~> 0.2.1)
      puppet-lint (~> 2.0)
      puppet-syntax (~> 2.0)
      rspec-puppet (~> 2.0)
    rake (12.3.2)
    rb-readline (0.5.5)
    rspec (3.8.0)
      rspec-core (~> 3.8.0)
      rspec-expectations (~> 3.8.0)
      rspec-mocks (~> 3.8.0)
    rspec-core (3.8.0)
      rspec-support (~> 3.8.0)
    rspec-expectations (3.8.2)
      diff-lcs (>= 1.2.0, < 2.0)
      rspec-support (~> 3.8.0)
    rspec-its (1.2.0)
      rspec-core (>= 3.0.0)
      rspec-expectations (>= 3.0.0)
    rspec-mocks (3.8.0)
      diff-lcs (>= 1.2.0, < 2.0)
      rspec-support (~> 3.8.0)
    rspec-puppet (2.1.0)
      rspec
    rspec-support (3.8.0)
    rsync (1.0.9)
    semantic_puppet (1.0.2)
    serverspec (2.41.3)
      multi_json
      rspec (~> 3.0)
      rspec-its
      specinfra (~> 2.72)
    sfl (2.3)
    spdx-licenses (1.2.0)
    specinfra (2.76.9)
      net-scp
      net-ssh (>= 2.7)
      net-telnet (= 0.1.1)
      sfl
    stringify-hash (0.0.2)
    thor (0.20.3)

PLATFORMS
  ruby

DEPENDENCIES
  beaker
  beaker-rspec
  facter
  metadata-json-lint
  pry
  puppet
  puppet-lint (>= 1.1.0)
  puppet-syntax
  puppetlabs_spec_helper
  rake
  rspec-puppet (~> 2.1.0)
  serverspec

BUNDLED WITH
   1.17.3
